GEM
  remote: https://rubygems.org/
  specs:
    compass_rose (0.1.3)
    crass (1.0.2)
    domain_name (0.5.20170404)
      unf (>= 0.0.5, < 1.0.0)
    eventmachine (1.2.3)
    faraday (0.12.1)
      multipart-post (>= 1.2, < 3)
    faye-websocket (0.10.7)
      eventmachine (>= 0.12.0)
      websocket-driver (>= 0.5.1)
    forecast_io (2.0.1)
      faraday
      hashie
      multi_json
    geocoder (1.4.4)
    hashie (3.5.5)
    http-cookie (1.0.3)
      domain_name (~> 0.5)
    http_router (0.11.2)
      rack (>= 1.0.0)
      url_mount (~> 0.2.1)
    i18n (0.8.4)
    ice_nine (0.11.2)
    iso8601 (0.9.1)
    json (2.1.0)
    lita (4.7.1)
      bundler (>= 1.3)
      faraday (>= 0.8.7)
      http_router (>= 0.11.2)
      i18n (>= 0.6.9)
      ice_nine (>= 0.11.0)
      multi_json (>= 1.7.7)
      puma (>= 2.7.1)
      rack (>= 1.5.2, < 2.0.0)
      rb-readline (>= 0.5.1)
      redis-namespace (>= 1.3.0)
      thor (>= 0.18.1)
    lita-alias (0.0.1)
      lita (>= 4.3)
    lita-awyiss (0.1.2)
      json
      lita (>= 4)
    lita-bus (0.0.1)
      lita (>= 2.3)
    lita-catgif (0.0.2)
      lita (>= 2.6)
    lita-directions (1.0.3)
      lita (>= 4.1)
      rest-client
    lita-forecast (0.1.7)
      compass_rose (~> 0.1.0)
      forecast_io (~> 2.0.0)
      geocoder (~> 1.1, >= 1.1.9)
      hashie (~> 3.0)
      lita (>= 3.0.0)
    lita-genius (0.1.2)
      lita (>= 4.3)
    lita-google (1.1.0)
      lita (>= 4.0)
    lita-hashtag (0.2.0)
      lita (>= 4.1)
    lita-heroku-keepalive (0.2.1)
      lita (>= 4.7)
    lita-karma (3.0.2)
      lita (>= 4.0)
    lita-markov (1.3.0)
      lita (>= 4.6)
      oj (~> 2.13.1)
      sequel (~> 4.28.0)
    lita-message-router (0.1.6)
      lita (>= 4.6)
    lita-onewheel-halfstaff (0.2.1)
      lita (~> 4.7)
      nokogiri (~> 1.6)
      rest-client (~> 1.8)
    lita-poll (1.0.2)
      lita (>= 4.2.1)
    lita-slack (1.8.0)
      eventmachine
      faraday
      faye-websocket (>= 0.8.0)
      lita (>= 4.7.1)
      multi_json
    lita-wikipedia (0.1.0)
      lita (>= 3.1)
      nokogiri (>= 1.6.6)
      sanitize (>= 3.1.2)
    lita-youtube-me (0.0.6)
      iso8601 (>= 0.8.6)
      lita (>= 4.0)
    mime-types (2.99.3)
    mini_portile2 (2.2.0)
    multi_json (1.12.1)
    multipart-post (2.0.0)
    netrc (0.11.0)
    nokogiri (1.8.0)
      mini_portile2 (~> 2.2.0)
    nokogumbo (1.4.13)
      nokogiri
    oj (2.13.1)
    puma (3.9.1)
    rack (1.6.8)
    rb-readline (0.5.4)
    redis (3.3.3)
    redis-namespace (1.5.3)
      redis (~> 3.0, >= 3.0.4)
    rest-client (1.8.0)
      http-cookie (>= 1.0.2, < 2.0)
      mime-types (>= 1.16, < 3.0)
      netrc (~> 0.7)
    sanitize (4.5.0)
      crass (~> 1.0.2)
      nokogiri (>= 1.4.4)
      nokogumbo (~> 1.4.1)
    sequel (4.28.0)
    thor (0.19.4)
    unf (0.1.4)
      unf_ext
    unf_ext (0.0.7.4)
    url_mount (0.2.1)
      rack
    websocket-driver (0.6.5)
      websocket-extensions (>= 0.1.0)
    websocket-extensions (0.1.2)

PLATFORMS
  ruby

DEPENDENCIES
  lita
  lita-alias
  lita-awyiss
  lita-bus
  lita-catgif
  lita-directions
  lita-forecast
  lita-genius
  lita-google
  lita-hashtag
  lita-heroku-keepalive
  lita-karma
  lita-markov
  lita-message-router
  lita-onewheel-halfstaff
  lita-poll
  lita-slack
  lita-wikipedia
  lita-youtube-me

BUNDLED WITH
   1.15.1
